GEM
  remote: http://rubygems.org/
  specs:
    activesupport (3.0.5)
    coffee-script (2.1.3)
      coffee-script-source
    coffee-script-source (1.0.1)
    configuration (1.2.0)
    heroku (1.18.1)
      json (~> 1.5.1)
      launchy (~> 0.3.2)
      rest-client (>= 1.4.0, < 1.7.0)
    i18n (0.5.0)
    json (1.5.1)
    launchy (0.3.7)
      configuration (>= 0.0.5)
      rake (>= 0.8.1)
    mime-types (1.16)
    rack (1.2.1)
    rake (0.8.7)
    rdiscount (1.6.8)
    rest-client (1.6.1)
      mime-types (>= 1.16)
    shotgun (0.9)
      rack (>= 1.0)
    sinatra (1.1.3)
      rack (~> 1.1)
      tilt (>= 1.2.2, < 2.0)
    therubyracer (0.8.0)
    tilt (1.2.2)
    tzinfo (0.3.24)

PLATFORMS
  ruby

DEPENDENCIES
  activesupport
  coffee-script
  coffee-script-source
  heroku
  i18n
  json
  rdiscount
  shotgun
  sinatra
  therubyracer
  tzinfo
