GEM
  remote: http://rubygems.org/
  specs:
    rack (1.2.1)
    shotgun (0.9)
      rack (>= 1.0)
    sinatra (1.1.3)
      rack (~> 1.1)
      tilt (>= 1.2.2, < 2.0)
    tilt (1.2.2)
    tzinfo (0.3.24)

PLATFORMS
  ruby

DEPENDENCIES
  shotgun
  sinatra
  tzinfo
